GEM
  remote: https://rubygems.org/
  specs:
    base64 (0.2.0)
    logger (1.6.6)
    nio4r (2.7.4)
    puma (6.6.0)
      nio4r (~> 2.0)
    rack (3.1.10)
    rack-protection (4.1.1)
      base64 (>= 0.1.0)
      logger (>= 1.6.0)
      rack (>= 3.0.0, < 4)

PLATFORMS
  ruby
  x86_64-linux

DEPENDENCIES
  puma
  rack
  rack-protection

BUNDLED WITH
   2.5.22
